GEM
  remote: https://rubygems.org/
  specs:
    bcrypt (3.1.20)
    byebug (11.1.3)

PLATFORMS
  arm64-darwin-22
  x86_64-linux

DEPENDENCIES
  bcrypt (~> 3.1, >= 3.1.20)
  byebug (~> 11.1, >= 11.1.3)

BUNDLED WITH
   2.3.20
